GEM
  remote: https://ruby.taobao.org/
  specs:
    choice (0.2.0)
    net-ssh (2.9.2)

PLATFORMS
  ruby

DEPENDENCIES
  choice (~> 0.2.0)
  net-ssh (~> 2.9.2)
