GIT
  remote: https://github.com/pragbyte/cidr-lite-ruby.git
  revision: 1e170f4566fdc4e89be790873763c6bc8661641b
  specs:
    cidr-lite (0.0.1)

GEM
  remote: https://ruby.taobao.org/
  specs:

PLATFORMS
  ruby

DEPENDENCIES
  cidr-lite!
